GEM
  remote: http://rubygems.org/
  specs:
    albino (1.3.3)
      posix-spawn (>= 0.3.6)
    chunky_png (1.1.1)
    compass (0.11.1)
      chunky_png (~> 1.1)
      fssm (>= 0.2.7)
      sass (~> 3.1)
    diff-lcs (1.1.2)
    fssm (0.2.7)
    github-markup (0.5.3)
    gollum (1.3.0)
      albino (~> 1.3.2)
      github-markup (< 1.0.0, >= 0.4.0)
      grit (~> 2.4.1)
      mustache (< 1.0.0, >= 0.11.2)
      nokogiri (~> 1.4)
      sanitize (~> 2.0.0)
      sinatra (~> 1.0)
    grit (2.4.1)
      diff-lcs (~> 1.1)
      mime-types (~> 1.15)
    hashie (1.0.0)
    i18n (0.5.0)
    mail (2.3.0)
      i18n (>= 0.4.0)
      mime-types (~> 1.16)
      treetop (~> 1.4.8)
    mime-types (1.16)
    mustache (0.99.3)
    nokogiri (1.4.4)
    polyglot (0.3.1)
    pony (1.2)
      mail (> 2.0)
    posix-spawn (0.3.6)
    rack (1.2.2)
    sanitize (2.0.1)
      nokogiri (~> 1.4.4)
    sass (3.1.1)
    sinatra (1.2.5)
      rack (~> 1.1)
      tilt (>= 1.2.2, < 2.0)
    tilt (1.3)
    treetop (1.4.9)
      polyglot (>= 0.3.1)

PLATFORMS
  ruby

DEPENDENCIES
  compass
  gollum
  hashie
  pony
  sinatra
